GEM
  remote: https://rubygems.org/
  specs:
    byebug (9.1.0)
    puma (3.11.4)
    rack (2.0.3)

PLATFORMS
  ruby

DEPENDENCIES
  byebug (~> 9.0)
  puma (~> 3.9)
  rack (~> 2.0.3)

BUNDLED WITH
   1.16.1
